GEM
  remote: http://rubygems.org/
  specs:
    json (1.4.6)
    rack (1.2.1)
    rack-test (0.5.4)
      rack (>= 1.0)
    shotgun (0.8)
      rack (>= 1.0)
    sinatra (1.0)
      rack (>= 1.0)
    unicorn (1.1.2)
      rack

PLATFORMS
  ruby

DEPENDENCIES
  json
  rack-test
  shotgun
  sinatra
  unicorn
